GIT
  remote: git@github.com:emilsoman/jeweler.git
  revision: be5ddc35db350e2f0180f165a3129e2833a93072
  specs:
    jeweler (1.8.4)
      bundler (~> 1.0)
      git (>= 1.2.5)
      github_api (>= 0.8.1)
      highline (>= 1.6.15)
      rake
      rdoc

GEM
  remote: http://rubygems.org/
  specs:
    activesupport (3.2.11)
      i18n (~> 0.6)
      multi_json (~> 1.0)
    bourne (1.1.2)
      mocha (= 0.10.5)
    faraday (0.8.7)
      multipart-post (~> 1.1)
    git (1.2.5)
    github_api (0.9.6)
      faraday (~> 0.8.1)
      hashie (>= 1.2)
      multi_json (~> 1.4)
      nokogiri (~> 1.5.2)
      oauth2
    hashie (2.0.3)
    highline (1.6.16)
    httpauth (0.2.0)
    i18n (0.6.1)
    json (1.7.6)
    jwt (0.1.8)
      multi_json (>= 1.5)
    metaclass (0.0.1)
    mocha (0.10.5)
      metaclass (~> 0.0.1)
    multi_json (1.5.0)
    multi_xml (0.5.3)
    multipart-post (1.2.0)
    nokogiri (1.5.9)
    oauth2 (0.9.1)
      faraday (~> 0.8)
      httpauth (~> 0.1)
      jwt (~> 0.1.4)
      multi_json (~> 1.0)
      multi_xml (~> 0.5)
      rack (~> 1.2)
    rack (1.5.2)
    rake (10.0.4)
    rdoc (3.12)
      json (~> 1.4)
    shoulda (3.3.2)
      shoulda-context (~> 1.0.1)
      shoulda-matchers (~> 1.4.1)
    shoulda-context (1.0.2)
    shoulda-matchers (1.4.2)
      activesupport (>= 3.0.0)
      bourne (~> 1.1.2)

PLATFORMS
  ruby

DEPENDENCIES
  activesupport
  bundler
  jeweler!
  rdoc (~> 3.12)
  shoulda
